PATH
  remote: .
  specs:
    rugby_games (0.1.0)

GEM
  remote: https://rubygems.org/
  specs:
    coderay (1.1.3)
    method_source (1.0.0)
<<<<<<< HEAD
    mini_portile2 (2.5.3)
    nokogiri (1.11.7)
=======
    mini_portile2 (2.5.1)
    nokogiri (1.11.4)
>>>>>>> acda5ea638c874a403c0b915b6d1aa3c29adcd9b
      mini_portile2 (~> 2.5.0)
      racc (~> 1.4)
    pry (0.14.1)
      coderay (~> 1.1)
      method_source (~> 1.0)
    racc (1.5.2)
    rake (13.0.3)

PLATFORMS
  ruby

DEPENDENCIES
  bundler (~> 1.16)
  nokogiri
  pry
  rake (~> 13.0)
  rugby_games!

BUNDLED WITH
   1.16.5
